GEM
  remote: https://rubygems.org/
  specs:
    colorize (1.1.0)
    rexml (3.2.6)
    rubyzip (2.3.2)
    selenium-webdriver (4.15.0)
      rexml (~> 3.2, >= 3.2.5)
      rubyzip (>= 1.2.2, < 3.0)
      websocket (~> 1.0)
    websocket (1.2.10)

PLATFORMS
  arm64-darwin-22

DEPENDENCIES
  colorize
  selenium-webdriver

RUBY VERSION
   ruby 3.2.0p0

BUNDLED WITH
   2.4.14
